GEM
  remote: https://rubygems.org/
  specs:
    addressable (2.3.3)
    daemons (1.1.9)
    faraday (0.8.6)
      multipart-post (~> 1.1)
    faraday_middleware (0.9.0)
      faraday (>= 0.7.4, < 0.9)
    hashie (1.2.0)
    jently (1.0.4)
      daemons (>= 1.1.9)
      faraday (>= 0.8.4)
      faraday_middleware (>= 0.9.0)
      octokit (>= 1.13.0)
      systemu (>= 2.5.2)
    multi_json (1.7.1)
    multipart-post (1.2.0)
    netrc (0.7.7)
    octokit (1.23.0)
      addressable (~> 2.2)
      faraday (~> 0.8)
      faraday_middleware (~> 0.9)
      hashie (~> 1.2)
      multi_json (~> 1.3)
      netrc (~> 0.7.7)
    systemu (2.5.2)

PLATFORMS
  ruby

DEPENDENCIES
  jently
